GEM
  remote: https://rubygems.org/
  specs:
    bson (1.9.2)
    bson_ext (1.9.2)
      bson (~> 1.9.2)
    faraday (0.9.0)
      multipart-post (>= 1.2, < 3)
    github-api (0.0.1)
      httparty
    github-oauth (0.0.1)
      oauth2
    haml (4.0.5)
      tilt
    httparty (0.13.0)
      json (~> 1.8)
      multi_xml (>= 0.5.2)
    json (1.8.0)
    jwt (0.1.11)
      multi_json (>= 1.5)
    mongo (1.9.2)
      bson (~> 1.9.2)
    multi_json (1.8.4)
    multi_xml (0.5.5)
    multipart-post (2.0.0)
    oauth2 (0.9.3)
      faraday (>= 0.8, < 0.10)
      jwt (~> 0.1.8)
      multi_json (~> 1.3)
      multi_xml (~> 0.5)
      rack (~> 1.2)
    rack (1.5.2)
    rack-protection (1.5.0)
      rack
    sinatra (1.4.3)
      rack (~> 1.4)
      rack-protection (~> 1.4)
      tilt (~> 1.3, >= 1.3.4)
    tilt (1.4.1)

PLATFORMS
  ruby

DEPENDENCIES
  bson_ext
  github-api
  github-oauth
  haml
  json
  mongo (>= 1.9.2)
  sinatra
